GEM
  remote: https://rubygems.org/
  specs:
    coderay (1.1.3)
    gosu (0.15.2)
    method_source (1.0.0)
    pry (0.13.1)
      coderay (~> 1.1)
      method_source (~> 1.0)
    ruby2d (0.9.4)

PLATFORMS
  ruby

DEPENDENCIES
  gosu
  pry
  ruby2d

BUNDLED WITH
   2.1.4
